GEM
  remote: http://rubygems.org/
  specs:
    posix-spawn (0.3.6)
    pygments.rb (0.5.2)
      posix-spawn (~> 0.3.6)
      yajl-ruby (~> 1.1.0)
    rack (1.5.2)
    rack-protection (1.5.0)
      rack
    rdiscount (2.1.6)
    sass (3.2.10)
    sinatra (1.4.3)
      rack (~> 1.4)
      rack-protection (~> 1.4)
      tilt (~> 1.3, >= 1.3.4)
    tilt (1.4.1)
    yajl-ruby (1.1.0)

PLATFORMS
  ruby

DEPENDENCIES
  pygments.rb
  rdiscount
  sass
  sinatra
