GEM
  remote: http://rubygems.org/
  specs:
    newrelic_rpm (3.6.3.111)
    posix-spawn (0.3.6)
    pygments.rb (0.3.7)
      posix-spawn (~> 0.3.6)
      yajl-ruby (~> 1.1.0)
    rack (1.5.0)
    rack-protection (1.3.2)
      rack
    rdiscount (1.6.8)
    sass (3.2.5)
    sinatra (1.3.3)
      rack (~> 1.3, >= 1.3.6)
      rack-protection (~> 1.2)
      tilt (~> 1.3, >= 1.3.3)
    tilt (1.3.3)
    yajl-ruby (1.1.0)

PLATFORMS
  ruby

DEPENDENCIES
  newrelic_rpm
  pygments.rb
  rdiscount
  sass
  sinatra
