GEM
  remote: http://rubygems.org/
  specs:
    addressable (2.3.5)
    excon (0.25.3)
    faraday (0.8.8)
      multipart-post (~> 1.2.0)
    faraday_middleware (0.9.0)
      faraday (>= 0.7.4, < 0.9)
    git (1.2.6)
    hashie (2.0.5)
    heroku (2.40.0)
      heroku-api (~> 0.3.7)
      launchy (>= 0.3.2)
      netrc (~> 0.7.7)
      rest-client (~> 1.6.1)
      rubyzip
    heroku-api (0.3.15)
      excon (~> 0.25.1)
    launchy (2.3.0)
      addressable (~> 2.3)
    mime-types (1.24)
    multi_json (1.7.9)
    multipart-post (1.2.0)
    netrc (0.7.7)
    octokit (1.25.0)
      addressable (~> 2.2)
      faraday (~> 0.8)
      faraday_middleware (~> 0.9)
      hashie (~> 2.0)
      multi_json (~> 1.3)
      netrc (~> 0.7.7)
    posix-spawn (0.3.6)
    pygments.rb (0.5.2)
      posix-spawn (~> 0.3.6)
      yajl-ruby (~> 1.1.0)
    rack (1.5.2)
    rack-protection (1.5.0)
      rack
    rake (10.1.0)
    rdiscount (2.1.6)
    rest-client (1.6.7)
      mime-types (>= 1.16)
    rubyzip (0.9.9)
    sass (3.2.10)
    sinatra (1.4.3)
      rack (~> 1.4)
      rack-protection (~> 1.4)
      tilt (~> 1.3, >= 1.3.4)
    tilt (1.4.1)
    yajl-ruby (1.1.0)

PLATFORMS
  ruby

DEPENDENCIES
  git
  heroku
  octokit
  pygments.rb
  rake
  rdiscount
  sass
  sinatra
