GEM
  remote: http://rubygems.org/
  specs:
    posix-spawn (0.3.6)
    pygments.rb (0.3.3)
      posix-spawn (~> 0.3.6)
      yajl-ruby (~> 1.1.0)
    rack (1.4.1)
    rack-protection (1.3.2)
      rack
    rdiscount (1.6.8)
    sass (3.2.3)
    sinatra (1.3.3)
      rack (~> 1.3, >= 1.3.6)
      rack-protection (~> 1.2)
      tilt (~> 1.3, >= 1.3.3)
    tilt (1.3.3)
    yajl-ruby (1.1.0)
	newrelic_rpm (3.5.4.34)

PLATFORMS
  ruby

DEPENDENCIES
  pygments.rb
  rdiscount
  sass
  sinatra
  newrelic_rpm
